GEM
  remote: http://gemcutter.org/
  specs:
    chingu (0.9rc7)
      gosu (>= 0.7.33)
      gosu (>= 0.7.33)
    clipboard (0.9.9)
    cri (2.1.0)
    faster_xml_simple (0.5.0)
      libxml-ruby (>= 0.3.8.4)
    ffi (1.0.9)
    ffi (1.0.9-x86-mingw32)
    fidgit (0.1.9)
      chingu (~> 0.9rc5)
      clipboard (~> 0.9.9)
      ffi (= 1.0.9)
      gosu (~> 0.7.33)
    gosu (0.7.41)
    gosu (0.7.41-x86-mingw32)
    httpclient (2.2.4)
    json (1.6.5)
    libxml-ruby (2.2.2-x86-mingw32)
    net-github-upload (0.0.8)
      faster_xml_simple
      httpclient
      json
      nokogiri (>= 1.4.0)
    nokogiri (1.5.0-x86-mingw32)
    ocra (1.3.0)
    rake (0.9.2.2)
    releasy (0.2.1)
      cri (~> 2.1.0)
      net-github-upload (~> 0.0.8)
      ocra (~> 1.3.0)
      rake (~> 0.9.2.2)
      thor (~> 0.14.6)
    riot (0.12.5)
      rr
    rr (1.0.4)
    texplay (0.3.5-x86-mingw32)
      gosu (>= 0.7.25)
    texplay (0.4.2)
      gosu (>= 0.7.25)
    thor (0.14.6)

PLATFORMS
  ruby
  x86-mingw32

DEPENDENCIES
  chingu (~> 0.9rc7)
  fidgit (~> 0.1.9)
  gosu (~> 0.7.41)
  rake (~> 0.9.2.2)
  releasy (~> 0.2.1)
  riot (~> 0.12.5)
  rr (~> 1.0.4)
  texplay (~> 0.3)
